PATH
  remote: .
  specs:
    greenhouse_api (0.3.0)
      faraday (>= 0.15.4)
      sorbet-runtime (>= 0.5)

GEM
  remote: https://rubygems.org/
  specs:
    addressable (2.8.1)
      public_suffix (>= 2.0.2, < 6.0)
    crack (0.4.4)
    diff-lcs (1.4.4)
    faraday (0.17.4)
      multipart-post (>= 1.2, < 3)
    hashdiff (1.0.1)
    multipart-post (2.1.1)
    public_suffix (4.0.7)
    rspec (3.10.0)
      rspec-core (~> 3.10.0)
      rspec-expectations (~> 3.10.0)
      rspec-mocks (~> 3.10.0)
    rspec-core (3.10.0)
      rspec-support (~> 3.10.0)
    rspec-expectations (3.10.0)
      diff-lcs (>= 1.2.0, < 2.0)
      rspec-support (~> 3.10.0)
    rspec-mocks (3.10.0)
      diff-lcs (>= 1.2.0, < 2.0)
      rspec-support (~> 3.10.0)
    rspec-support (3.10.0)
    sorbet (0.5.6303)
      sorbet-static (= 0.5.6303)
    sorbet-runtime (0.5.6303)
    sorbet-static (0.5.6303-x86_64-linux)
    vcr (6.0.0)
    webmock (3.10.0)
      addressable (>= 2.3.6)
      crack (>= 0.3.2)
      hashdiff (>= 0.4.0, < 2.0.0)

PLATFORMS
  x86_64-linux

DEPENDENCIES
  greenhouse_api!
  rspec (~> 3.10)
  sorbet (>= 0.5)
  vcr (~> 6)
  webmock (~> 3.10)

BUNDLED WITH
   2.1.4
